GEM
  remote: http://rubygems.org/
  specs:
    coderay (1.1.2)
    haml (5.0.4)
      temple (>= 0.8.0)
      tilt
    mail (2.7.0)
      mini_mime (>= 0.1.1)
    method_source (0.9.0)
    mini_mime (1.0.0)
    mustermann (1.0.2)
    pony (1.12)
      mail (>= 2.0)
    pry (0.11.3)
      coderay (~> 1.1.0)
      method_source (~> 0.9.0)
    rack (2.0.4)
    rack-protection (2.0.1)
      rack
    sinatra (2.0.1)
      mustermann (~> 1.0)
      rack (~> 2.0)
      rack-protection (= 2.0.1)
      tilt (~> 2.0)
    temple (0.8.0)
    tilt (2.0.8)

PLATFORMS
  ruby

DEPENDENCIES
  haml
  pony
  pry
  sinatra

RUBY VERSION
   ruby 2.3.1p112

BUNDLED WITH
   1.16.1
